GIT
  remote: https://github.com/rails/rails
  revision: d0b0c1caa6b824e975f2fe2811f266f1a8f16d15
  branch: main
  specs:
    actioncable (7.0.0.alpha)
      actionpack (= 7.0.0.alpha)
      activesupport (= 7.0.0.alpha)
      nio4r (~> 2.0)
      websocket-driver (>= 0.6.1)
    actionmailbox (7.0.0.alpha)
      actionpack (= 7.0.0.alpha)
      activejob (= 7.0.0.alpha)
      activerecord (= 7.0.0.alpha)
      activestorage (= 7.0.0.alpha)
      activesupport (= 7.0.0.alpha)
      mail (>= 2.7.1)
    actionmailer (7.0.0.alpha)
      actionpack (= 7.0.0.alpha)
      actionview (= 7.0.0.alpha)
      activejob (= 7.0.0.alpha)
      activesupport (= 7.0.0.alpha)
      mail (~> 2.5, >= 2.5.4)
      rails-dom-testing (~> 2.0)
    actionpack (7.0.0.alpha)
      actionview (= 7.0.0.alpha)
      activesupport (= 7.0.0.alpha)
      rack (~> 2.0, >= 2.2.0)
      rack-test (>= 0.6.3)
      rails-dom-testing (~> 2.0)
      rails-html-sanitizer (~> 1.0, >= 1.2.0)
    actiontext (7.0.0.alpha)
      actionpack (= 7.0.0.alpha)
      activerecord (= 7.0.0.alpha)
      activestorage (= 7.0.0.alpha)
      activesupport (= 7.0.0.alpha)
      nokogiri (>= 1.8.5)
    actionview (7.0.0.alpha)
      activesupport (= 7.0.0.alpha)
      builder (~> 3.1)
      erubi (~> 1.4)
      rails-dom-testing (~> 2.0)
      rails-html-sanitizer (~> 1.1, >= 1.2.0)
    activejob (7.0.0.alpha)
      activesupport (= 7.0.0.alpha)
      globalid (>= 0.3.6)
    activemodel (7.0.0.alpha)
      activesupport (= 7.0.0.alpha)
    activerecord (7.0.0.alpha)
      activemodel (= 7.0.0.alpha)
      activesupport (= 7.0.0.alpha)
    activestorage (7.0.0.alpha)
      actionpack (= 7.0.0.alpha)
      activejob (= 7.0.0.alpha)
      activerecord (= 7.0.0.alpha)
      activesupport (= 7.0.0.alpha)
      marcel (~> 1.0.0)
      mini_mime (>= 1.1.0)
    activesupport (7.0.0.alpha)
      concurrent-ruby (~> 1.0, >= 1.0.2)
      i18n (>= 1.6, < 2)
      minitest (>= 5.1)
      tzinfo (~> 2.0)
      zeitwerk (~> 2.5.0.beta2)
    rails (7.0.0.alpha)
      actioncable (= 7.0.0.alpha)
      actionmailbox (= 7.0.0.alpha)
      actionmailer (= 7.0.0.alpha)
      actionpack (= 7.0.0.alpha)
      actiontext (= 7.0.0.alpha)
      actionview (= 7.0.0.alpha)
      activejob (= 7.0.0.alpha)
      activemodel (= 7.0.0.alpha)
      activerecord (= 7.0.0.alpha)
      activestorage (= 7.0.0.alpha)
      activesupport (= 7.0.0.alpha)
      bundler (>= 1.15.0)
      railties (= 7.0.0.alpha)
      sprockets-rails (>= 2.0.0)
    railties (7.0.0.alpha)
      actionpack (= 7.0.0.alpha)
      activesupport (= 7.0.0.alpha)
      method_source
      rake (>= 0.13)
      thor (~> 1.0)

GEM
  remote: https://rubygems.org/
  specs:
    brakeman (5.1.1)
    builder (3.2.4)
    byebug (11.1.3)
    concurrent-ruby (1.1.9)
    crass (1.0.6)
    erubi (1.10.0)
    ffi (1.15.3)
    globalid (0.5.2)
      activesupport (>= 5.0)
    i18n (1.8.10)
      concurrent-ruby (~> 1.0)
    listen (3.7.0)
      rb-fsevent (~> 0.10, >= 0.10.3)
      rb-inotify (~> 0.9, >= 0.9.10)
    loofah (2.12.0)
      crass (~> 1.0.2)
      nokogiri (>= 1.5.9)
    mail (2.7.1)
      mini_mime (>= 0.1.1)
    marcel (1.0.1)
    method_source (1.0.0)
    mini_mime (1.1.1)
    minitest (5.14.4)
    nio4r (2.5.8)
    nokogiri (1.12.4-x86_64-darwin)
      racc (~> 1.4)
    nokogiri (1.12.4-x86_64-linux)
      racc (~> 1.4)
    puma (5.4.0)
      nio4r (~> 2.0)
    racc (1.5.2)
    rack (2.2.3)
    rack-test (1.1.0)
      rack (>= 1.0, < 3)
    rails-dom-testing (2.0.3)
      activesupport (>= 4.2.0)
      nokogiri (>= 1.6)
    rails-html-sanitizer (1.4.2)
      loofah (~> 2.3)
    rake (13.0.6)
    rb-fsevent (0.11.0)
    rb-inotify (0.10.1)
      ffi (~> 1.0)
    sprockets (4.0.2)
      concurrent-ruby (~> 1.0)
      rack (> 1, < 3)
    sprockets-rails (3.2.2)
      actionpack (>= 4.0)
      activesupport (>= 4.0)
      sprockets (>= 3.0.0)
    sqlite3 (1.4.2)
    thor (1.1.0)
    tzinfo (2.0.4)
      concurrent-ruby (~> 1.0)
    websocket-driver (0.7.5)
      websocket-extensions (>= 0.1.0)
    websocket-extensions (0.1.5)
    zeitwerk (2.5.0.beta2)

PLATFORMS
  x86_64-darwin-16
  x86_64-linux

DEPENDENCIES
  brakeman
  byebug
  listen
  puma
  rails!
  sqlite3
  tzinfo-data

RUBY VERSION
   ruby 2.7.4p191

BUNDLED WITH
   2.2.26
